GIT
  remote: git://github.com/sandal/prawn.git
  revision: 
  tag: >=0.12.0
  submodules: true
  specs:
    prawn (1.0.0.rc1)
      pdf-reader (>= 0.9.0)
      ttfunk (~> 1.0.3)

GEM
  remote: http://rubygems.org/
  specs:
    Ascii85 (1.0.1)
    haml (3.1.3)
    pdf-reader (0.10.1)
      Ascii85 (~> 1.0.0)
    rack (1.3.5)
    rack-protection (1.1.4)
      rack
    sass (3.1.10)
    sinatra (1.3.1)
      rack (~> 1.3, >= 1.3.4)
      rack-protection (~> 1.1, >= 1.1.2)
      tilt (~> 1.3, >= 1.3.3)
    tilt (1.3.3)
    ttfunk (1.0.3)

PLATFORMS
  ruby

DEPENDENCIES
  haml (>= 3.1.1)
  prawn!
  sass (>= 3.1.1)
  sinatra (>= 1.2.6)
